GEM
  remote: https://rubygems.org/
  specs:
    json (2.0.3)
    puma (3.7.1)
    rack (1.6.5)
    rack-protection (1.5.3)
      rack
    shotgun (0.9.2)
      rack (>= 1.0)
    sinatra (1.4.8)
      rack (~> 1.5)
      rack-protection (~> 1.4)
      tilt (>= 1.3, < 3)
    tilt (2.0.6)

PLATFORMS
  ruby

DEPENDENCIES
  json (~> 2.0)
  puma (~> 3.6)
  shotgun (~> 0.9)
  sinatra (~> 1.4.7)

RUBY VERSION
   ruby 2.4.2p198

BUNDLED WITH
   1.16.0
