GEM
  remote: https://rubygems.org/
  specs:
    json (2.1.0)
    mustermann (1.0.3)
    puma (3.12.0)
    rack (2.0.6)
    rack-protection (2.0.4)
      rack
    shotgun (0.9.2)
      rack (>= 1.0)
    sinatra (2.0.4)
      mustermann (~> 1.0)
      rack (~> 2.0)
      rack-protection (= 2.0.4)
      tilt (~> 2.0)
    tilt (2.0.9)

PLATFORMS
  ruby

DEPENDENCIES
  json (~> 2.1)
  puma (~> 3.11)
  shotgun (~> 0.9)
  sinatra (~> 2.0)

RUBY VERSION
   ruby 2.5.3p105

BUNDLED WITH
   1.17.2
