GEM
  remote: https://rubygems.org/
  specs:
    json (2.1.0)
    mustermann (1.0.2)
    puma (3.11.3)
    rack (2.0.4)
    rack-protection (2.0.1)
      rack
    shotgun (0.9.2)
      rack (>= 1.0)
    sinatra (2.0.1)
      mustermann (~> 1.0)
      rack (~> 2.0)
      rack-protection (= 2.0.1)
      tilt (~> 2.0)
    tilt (2.0.8)

PLATFORMS
  ruby

DEPENDENCIES
  json (~> 2.1)
  puma (~> 3.11)
  shotgun (~> 0.9)
  sinatra (~> 2.0)

RUBY VERSION
   ruby 2.5.0p0

BUNDLED WITH
   1.16.1
