GEM
  remote: https://rubygems.org/
  specs:
    json (1.8.3)
    puma (3.4.0)
    rack (1.5.2)
    rack-protection (1.5.3)
      rack
    shotgun (0.9)
      rack (>= 1.0)
    sinatra (1.4.7)
      rack (~> 1.5)
      rack-protection (~> 1.4)
      tilt (>= 1.3, < 3)
    tilt (2.0.5)

PLATFORMS
  ruby

DEPENDENCIES
  json (~> 1.8.3)
  puma (~> 3.4)
  shotgun (~> 0.9)
  sinatra (~> 1.4.7)

RUBY VERSION
   ruby 2.3.1p112

BUNDLED WITH
   1.12.5
